PATH
  remote: ../grand_central
  specs:
    grand_central (0.3.3)

GEM
  remote: https://rubygems.org/
  specs:
    bowser (0.2.2)
      opal (>= 0.7.0, < 0.12.0)
    clearwater (1.0.0.rc4)
      bowser (~> 0.1)
      opal (~> 0.7)
    concurrent-ruby (1.0.3)
    execjs (2.7.0)
    ffi (1.9.14)
    hike (1.2.3)
    listen (3.1.5)
      rb-fsevent (~> 0.9, >= 0.9.4)
      rb-inotify (~> 0.9, >= 0.9.7)
      ruby_dep (~> 1.2)
    opal (0.10.3)
      hike (~> 1.2)
      sourcemap (~> 0.1.0)
      sprockets (~> 3.1)
      tilt (>= 1.4)
    pg (0.19.0)
    puma (3.6.2)
    rack (1.6.5)
    rake (12.0.0)
    rb-fsevent (0.9.8)
    rb-inotify (0.9.7)
      ffi (>= 0.5.0)
    rerun (0.11.0)
      listen (~> 3.0)
    roda (2.21.0)
      rack
    roda-opal_assets (0.3.0)
      opal (~> 0.7, < 0.11.0)
      rack (~> 1.0)
      roda
      sprockets (~> 3.6.0)
      uglifier (~> 3.0)
    ruby_dep (1.5.0)
    sequel (4.41.0)
    sourcemap (0.1.1)
    sprockets (3.6.3)
      concurrent-ruby (~> 1.0)
      rack (> 1, < 3)
    tilt (2.0.5)
    uglifier (3.0.4)
      execjs (>= 0.3.0, < 3)

PLATFORMS
  ruby

DEPENDENCIES
  clearwater (~> 1.0.0.rc4)
  grand_central!
  opal
  pg
  puma
  rake
  rerun
  roda
  roda-opal_assets
  sequel

BUNDLED WITH
   1.13.6
